PATH
  remote: .
  specs:
    uni_rails (0.1.0)

GEM
  remote: https://rubygems.org/
  specs:
    minitest (5.22.3)
    rake (13.1.0)

PLATFORMS
  x86_64-darwin-21

DEPENDENCIES
  minitest (~> 5.0)
  rake (~> 13.0)
  uni_rails!

BUNDLED WITH
   2.4.22
